PATH
  remote: .
  specs:
    heller (0.2.0-java)
      kafka-jars (~> 0.8.2)

GEM
  remote: https://rubygems.org/
  specs:
    coveralls (0.8.1)
      json (~> 1.8)
      rest-client (>= 1.6.8, < 2)
      simplecov (~> 0.10.0)
      term-ansicolor (~> 1.3)
      thor (~> 0.19.1)
    diff-lcs (1.2.5)
    docile (1.1.5)
    domain_name (0.5.24)
      unf (>= 0.0.5, < 1.0.0)
    http-cookie (1.0.2)
      domain_name (~> 0.5)
    json (1.8.2-java)
    kafka-clients-jars (0.8.2.1-java)
      lz4-jars (~> 1.2)
      metrics-core-jars (>= 2.1, < 3.0.0)
      slf4j-jars (~> 1.7)
      snappy-jars (~> 1.1)
    kafka-jars (0.8.2.1-java)
      kafka-clients-jars (~> 0.8)
      lz4-jars (~> 1.2)
      metrics-core-jars (>= 2.1, < 3.0.0)
      scala-library-jars (~> 2.9.2)
      slf4j-jars (~> 1.7)
      snappy-jars (~> 1.1)
      zookeeper-jars (~> 3.4)
    lz4-jars (1.2.0-java)
    metrics-core-jars (2.2.0-java)
    mime-types (2.5)
    netrc (0.10.3)
    rest-client (1.8.0)
      http-cookie (>= 1.0.2, < 2.0)
      mime-types (>= 1.16, < 3.0)
      netrc (~> 0.7)
    rspec (3.2.0)
      rspec-core (~> 3.2.0)
      rspec-expectations (~> 3.2.0)
      rspec-mocks (~> 3.2.0)
    rspec-core (3.2.3)
      rspec-support (~> 3.2.0)
    rspec-expectations (3.2.1)
      diff-lcs (>= 1.2.0, < 2.0)
      rspec-support (~> 3.2.0)
    rspec-mocks (3.2.1)
      diff-lcs (>= 1.2.0, < 2.0)
      rspec-support (~> 3.2.0)
    rspec-support (3.2.2)
    scala-library-jars (2.9.2-java)
    simplecov (0.10.0)
      docile (~> 1.1.0)
      json (~> 1.8)
      simplecov-html (~> 0.10.0)
    simplecov-html (0.10.0)
    slf4j-jars (1.7.7-java)
    snappy-jars (1.1.0.1.2-java)
    term-ansicolor (1.3.0)
      tins (~> 1.0)
    thor (0.19.1)
    tins (1.5.1)
    unf (0.1.4-java)
    zookeeper-jars (3.4.6-java)

PLATFORMS
  java

DEPENDENCIES
  coveralls
  heller!
  rspec
  simplecov
