PATH
  remote: .
  specs:
    heller (0.1.0-java)
      kafka-jars

GEM
  remote: https://rubygems.org/
  specs:
    coveralls (0.7.0)
      multi_json (~> 1.3)
      rest-client
      simplecov (>= 0.7)
      term-ansicolor
      thor
    diff-lcs (1.2.5)
    docile (1.1.5)
    json (1.8.2-java)
    kafka-clients-jars (0.8.2.1.pre0-java)
      lz4-jars (~> 1.2)
      metrics-core-jars (>= 2.1, < 3.0.0)
      slf4j-jars (~> 1.7)
      snappy-jars (~> 1.1)
    kafka-jars (0.8.2.1.pre0-java)
      kafka-clients-jars (~> 0.8)
      lz4-jars (~> 1.2)
      metrics-core-jars (>= 2.1, < 3.0.0)
      scala-library-jars (~> 2.9.2)
      slf4j-jars (~> 1.7)
      snappy-jars (~> 1.1)
      zookeeper-jars (~> 3.4)
    lz4-jars (1.2.0-java)
    metrics-core-jars (2.2.0-java)
    mime-types (2.3)
    multi_json (1.11.0)
    rest-client (1.6.7)
      mime-types (>= 1.16)
    rspec (3.0.0)
      rspec-core (~> 3.0.0)
      rspec-expectations (~> 3.0.0)
      rspec-mocks (~> 3.0.0)
    rspec-core (3.0.0)
      rspec-support (~> 3.0.0)
    rspec-expectations (3.0.0)
      diff-lcs (>= 1.2.0, < 2.0)
      rspec-support (~> 3.0.0)
    rspec-mocks (3.0.0)
      rspec-support (~> 3.0.0)
    rspec-support (3.0.0)
    scala-library-jars (2.9.2-java)
    simplecov (0.10.0)
      docile (~> 1.1.0)
      json (~> 1.8)
      simplecov-html (~> 0.10.0)
    simplecov-html (0.10.0)
    slf4j-jars (1.7.7-java)
    snappy-jars (1.1.0.1.2-java)
    term-ansicolor (1.3.0)
      tins (~> 1.0)
    thor (0.19.1)
    tins (1.3.0)
    zookeeper-jars (3.4.6-java)

PLATFORMS
  java

DEPENDENCIES
  coveralls
  heller!
  kafka-jars (= 0.8.2.1.pre0)
  rspec
  simplecov
